PATH
  remote: .
  specs:
    logjoin (0.0.0)

GEM
  remote: https://rubygems.org/
  specs:
    rake (10.3.2)

PLATFORMS
  ruby

DEPENDENCIES
  bundler (~> 1.3)
  logjoin!
  rake
